GIT
  remote: git://github.com/cgriego/active_attr.git
  revision: 98871d69707a9fecdddccf17a5dd0b9e6d5d71e7
  specs:
    active_attr (0.8.5)
      activemodel (>= 3.0.2, < 5.0)
      activesupport (>= 3.0.2, < 5.0)

GIT
  remote: git://github.com/logical42/d3_rails.git
  revision: 32871d9a8d7155f419ed6f1f7e3fbc8f0315bb7f
  specs:
    d3_rails (3.5.5)
      railties (>= 3.1.0)

GEM
  remote: https://rubygems.org/
  specs:
    CFPropertyList (2.3.1)
    actionmailer (4.2.1)
      actionpack (= 4.2.1)
      actionview (= 4.2.1)
      activejob (= 4.2.1)
      mail (~> 2.5, >= 2.5.4)
      rails-dom-testing (~> 1.0, >= 1.0.5)
    actionpack (4.2.1)
      actionview (= 4.2.1)
      activesupport (= 4.2.1)
      rack (~> 1.6)
      rack-test (~> 0.6.2)
      rails-dom-testing (~> 1.0, >= 1.0.5)
      rails-html-sanitizer (~> 1.0, >= 1.0.1)
    actionview (4.2.1)
      activesupport (= 4.2.1)
      builder (~> 3.1)
      erubis (~> 2.7.0)
      rails-dom-testing (~> 1.0, >= 1.0.5)
      rails-html-sanitizer (~> 1.0, >= 1.0.1)
    activejob (4.2.1)
      activesupport (= 4.2.1)
      globalid (>= 0.3.0)
    activemodel (4.2.1)
      activesupport (= 4.2.1)
      builder (~> 3.1)
    activerecord (4.2.1)
      activemodel (= 4.2.1)
      activesupport (= 4.2.1)
      arel (~> 6.0)
    activesupport (4.2.1)
      i18n (~> 0.7)
      json (~> 1.7, >= 1.7.7)
      minitest (~> 5.1)
      thread_safe (~> 0.3, >= 0.3.4)
      tzinfo (~> 1.1)
    arel (6.0.0)
    backports (3.6.4)
    bcrypt (3.1.10)
    builder (3.2.2)
    cheat (1.3.3)
      pager (~> 1.0)
    chunky_png (1.3.4)
    coffee-rails (4.0.1)
      coffee-script (>= 2.2.0)
      railties (>= 4.0.0, < 5.0)
    coffee-script (2.3.0)
      coffee-script-source
      execjs
    coffee-script-source (1.9.1)
    commander (4.3.2)
      highline (~> 1.7.1)
    commonjs (0.2.7)
    compass (0.12.7)
      chunky_png (~> 1.2)
      fssm (>= 0.2.7)
      sass (~> 3.2.19)
    core_data (0.1.1)
      nokogiri (~> 1.4)
    diff-lcs (1.2.5)
    dotenv (2.0.1)
    erubis (2.7.0)
    excon (0.45.1)
    execjs (2.4.0)
    factory_girl (4.5.0)
      activesupport (>= 3.0.0)
    fission (0.5.0)
      CFPropertyList (~> 2.2)
    fog (1.29.0)
      fog-atmos
      fog-aws (~> 0.0)
      fog-brightbox (~> 0.4)
      fog-core (~> 1.27, >= 1.27.4)
      fog-ecloud
      fog-json
      fog-local
      fog-powerdns (>= 0.1.1)
      fog-profitbricks
      fog-radosgw (>= 0.0.2)
      fog-riakcs
      fog-sakuracloud (>= 0.0.4)
      fog-serverlove
      fog-softlayer
      fog-storm_on_demand
      fog-terremark
      fog-vmfusion
      fog-voxel
      fog-xml (~> 0.1.1)
      ipaddress (~> 0.5)
      nokogiri (~> 1.5, >= 1.5.11)
    fog-atmos (0.1.0)
      fog-core
      fog-xml
    fog-aws (0.1.1)
      fog-core (~> 1.27)
      fog-json (~> 1.0)
      fog-xml (~> 0.1)
      ipaddress (~> 0.8)
    fog-brightbox (0.7.1)
      fog-core (~> 1.22)
      fog-json
      inflecto (~> 0.0.2)
    fog-core (1.30.0)
      builder
      excon (~> 0.45)
      formatador (~> 0.2)
      mime-types
      net-scp (~> 1.1)
      net-ssh (>= 2.1.3)
    fog-ecloud (0.1.0)
      fog-core
      fog-xml
    fog-json (1.0.0)
      multi_json (~> 1.0)
    fog-local (0.1.0)
      fog-core (~> 1.27)
    fog-powerdns (0.1.1)
      fog-core (~> 1.27)
      fog-json (~> 1.0)
      fog-xml (~> 0.1)
    fog-profitbricks (0.0.2)
      fog-core
      fog-xml
      nokogiri
    fog-radosgw (0.0.3)
      fog-core (>= 1.21.0)
      fog-json
      fog-xml (>= 0.0.1)
    fog-riakcs (0.1.0)
      fog-core
      fog-json
      fog-xml
    fog-sakuracloud (1.0.1)
      fog-core
      fog-json
    fog-serverlove (0.1.2)
      fog-core
      fog-json
    fog-softlayer (0.4.1)
      fog-core
      fog-json
    fog-storm_on_demand (0.1.1)
      fog-core
      fog-json
    fog-terremark (0.1.0)
      fog-core
      fog-xml
    fog-vmfusion (0.1.0)
      fission
      fog-core
    fog-voxel (0.1.0)
      fog-core
      fog-xml
    fog-xml (0.1.2)
      fog-core
      nokogiri (~> 1.5, >= 1.5.11)
    foreman (0.78.0)
      thor (~> 0.19.1)
    formatador (0.2.5)
    fssm (0.2.10)
    geocoder (1.2.8)
    globalid (0.3.3)
      activesupport (>= 4.1.0)
    haml (4.0.6)
      tilt
    helios (0.4.1)
      coffee-script (~> 2.2)
      commander (~> 4.1)
      compass (~> 0.12)
      core_data (~> 0.1)
      fog (~> 1.10)
      foreman (~> 0.63)
      haml (>= 3.1)
      houston (~> 2.2)
      json (~> 1.7)
      pg (~> 0.17)
      rack-contrib (~> 1.1)
      rack-in-app-purchase (~> 0.1)
      rack-newsstand (~> 0.1)
      rack-passbook (~> 0.1)
      rack-push-notification (~> 0.4)
      rack-scaffold (~> 0.2)
      rails-database-url (~> 1.0)
      sinatra (~> 1.3)
      sinatra-assetpack (= 0.2.3)
      sinatra-backbone (~> 0.1.1)
      sinatra-contrib (~> 1.3)
      sinatra-param (~> 0.1)
      sinatra-support (~> 1.2)
      zurb-foundation (= 4.1.2)
    highline (1.7.1)
    hike (1.2.3)
    houston (2.2.3)
      commander (~> 4.1)
      json
    i18n (0.7.0)
    inflecto (0.0.2)
    ipaddress (0.8.0)
    jbuilder (2.2.12)
      activesupport (>= 3.0.0, < 5)
      multi_json (~> 1.2)
    jquery-rails (4.0.3)
      rails-dom-testing (~> 1.0)
      railties (>= 4.2.0)
      thor (>= 0.14, < 2.0)
    jsmin (1.0.1)
    json (1.8.2)
    less (2.6.0)
      commonjs (~> 0.2.7)
    less-rails (2.6.0)
      actionpack (>= 3.1)
      less (~> 2.6.0)
    libv8 (3.16.14.7)
    loofah (2.0.1)
      nokogiri (>= 1.5.9)
    mail (2.6.3)
      mime-types (>= 1.16, < 3)
    mime-types (2.4.3)
    mini_portile (0.6.2)
    minitest (5.5.1)
    multi_json (1.11.0)
    net-scp (1.2.1)
      net-ssh (>= 2.6.5)
    net-ssh (2.9.2)
    nokogiri (1.6.6.2)
      mini_portile (~> 0.6.0)
    oj (2.10.4)
    pager (1.0.1)
    pg (0.18.1)
    plist (3.1.0)
    rack (1.6.0)
    rack-contrib (1.2.0)
      rack (>= 0.9.1)
    rack-in-app-purchase (0.1.1)
      rack (~> 1.4)
      sequel (~> 3.37)
      sinatra (~> 1.3)
      venice
    rack-newsstand (0.1.2)
      builder (>= 3.0)
      plist (~> 3.1)
      rack (~> 1.4)
      sequel (~> 3.37)
      sinatra (~> 1.3)
    rack-passbook (0.2.0)
      rack (~> 1.4)
      sequel (~> 3.37)
      sinatra (~> 1.3)
    rack-protection (1.5.3)
      rack
    rack-push-notification (0.5.3)
      rack (~> 1.4)
      rack-contrib (~> 1.1)
      sequel (>= 3.0)
      sinatra (~> 1.3)
      sinatra-param (~> 0.1)
    rack-scaffold (0.2.0)
      activesupport (>= 3.0)
      rack (~> 1.4)
      rack-contrib (~> 1.1)
      sinatra (~> 1.4)
      sinatra-contrib (~> 1.4)
      sinatra-param (~> 0.1)
    rack-test (0.6.3)
      rack (>= 1.0)
    rails (4.2.1)
      actionmailer (= 4.2.1)
      actionpack (= 4.2.1)
      actionview (= 4.2.1)
      activejob (= 4.2.1)
      activemodel (= 4.2.1)
      activerecord (= 4.2.1)
      activesupport (= 4.2.1)
      bundler (>= 1.3.0, < 2.0)
      railties (= 4.2.1)
      sprockets-rails
    rails-database-url (1.0.0)
    rails-deprecated_sanitizer (1.0.3)
      activesupport (>= 4.2.0.alpha)
    rails-dom-testing (1.0.6)
      activesupport (>= 4.2.0.beta, < 5.0)
      nokogiri (~> 1.6.0)
      rails-deprecated_sanitizer (>= 1.0.1)
    rails-html-sanitizer (1.0.2)
      loofah (~> 2.0)
    railties (4.2.1)
      actionpack (= 4.2.1)
      activesupport (= 4.2.1)
      rake (>= 0.8.7)
      thor (>= 0.18.1, < 2.0)
    rake (10.4.2)
    rdoc (4.2.0)
      json (~> 1.4)
    ref (1.0.5)
    responders (2.1.0)
      railties (>= 4.2.0, < 5)
    rspec (3.1.0)
      rspec-core (~> 3.1.0)
      rspec-expectations (~> 3.1.0)
      rspec-mocks (~> 3.1.0)
    rspec-core (3.1.7)
      rspec-support (~> 3.1.0)
    rspec-expectations (3.1.2)
      diff-lcs (>= 1.2.0, < 2.0)
      rspec-support (~> 3.1.0)
    rspec-mocks (3.1.3)
      rspec-support (~> 3.1.0)
    rspec-support (3.1.2)
    sass (3.2.19)
    sass-rails (4.0.5)
      railties (>= 4.0.0, < 5.0)
      sass (~> 3.2.2)
      sprockets (~> 2.8, < 3.0)
      sprockets-rails (~> 2.0)
    sdoc (0.4.1)
      json (~> 1.7, >= 1.7.7)
      rdoc (~> 4.0)
    sequel (3.48.0)
    shoulda-matchers (2.7.0)
      activesupport (>= 3.0.0)
    sinatra (1.4.6)
      rack (~> 1.4)
      rack-protection (~> 1.4)
      tilt (>= 1.3, < 3)
    sinatra-assetpack (0.2.3)
      backports
      jsmin
      rack-test
      sinatra
      tilt (>= 1.3.0)
    sinatra-backbone (0.1.1)
      sinatra
    sinatra-contrib (1.4.2)
      backports (>= 2.0)
      multi_json
      rack-protection
      rack-test
      sinatra (~> 1.4.0)
      tilt (~> 1.3)
    sinatra-param (0.1.3)
      sinatra (~> 1.3)
    sinatra-support (1.2.2)
      sinatra (>= 1.0)
    sprockets (2.12.3)
      hike (~> 1.2)
      multi_json (~> 1.0)
      rack (~> 1.0)
      tilt (~> 1.1, != 1.3.0)
    sprockets-rails (2.2.4)
      actionpack (>= 3.0)
      activesupport (>= 3.0)
      sprockets (>= 2.8, < 4.0)
    sqlite3 (1.3.10)
    terminal-table (1.4.5)
    therubyracer (0.12.1)
      libv8 (~> 3.16.14.0)
      ref
    thor (0.19.1)
    thread_safe (0.3.5)
    tilt (1.4.1)
    twitter-bootstrap-rails (3.2.0)
      actionpack (~> 4.1)
      execjs (~> 2.2)
      rails (~> 4.1)
      railties (~> 4.1)
    tzinfo (1.2.2)
      thread_safe (~> 0.1)
    uglifier (2.7.1)
      execjs (>= 0.3.0)
      json (>= 1.8.0)
    venice (0.2.0)
      commander (~> 4.1)
      json
      terminal-table (~> 1.4)
    zurb-foundation (4.1.2)
      sass (>= 3.2.0)

PLATFORMS
  ruby

DEPENDENCIES
  active_attr!
  bcrypt (~> 3.1.7)
  cheat
  coffee-rails (~> 4.0.0)
  d3_rails!
  dotenv
  factory_girl (~> 4.5.0)
  geocoder (~> 1.2.5)
  helios
  jbuilder (~> 2.2.4)
  jquery-rails
  less-rails
  oj (~> 2.10.4)
  pg
  rails (= 4.2.1)
  responders
  rspec (~> 3.1.0)
  sass-rails (~> 4.0.3)
  sdoc (~> 0.4.0)
  shoulda-matchers (~> 2.7.0)
  sqlite3
  therubyracer
  twitter-bootstrap-rails (~> 3.2.0)
  uglifier (>= 1.3.0)
